GEM
  remote: https://rubygems.org/
  specs:
    cgi (0.4.1)
    colorize (1.1.0)
    debug (1.9.2)
      irb (~> 1.10)
      reline (>= 0.3.8)
    erb (4.0.4)
      cgi (>= 0.3.3)
    io-console (0.7.2)
    irb (1.14.1)
      rdoc (>= 4.0.0)
      reline (>= 0.4.2)
    lennarb (1.3.0)
      colorize (~> 1.1)
      rack (~> 3.0, >= 3.0.8)
    nio4r (2.7.4)
    psych (5.2.0)
      stringio
    puma (6.5.0)
      nio4r (~> 2.0)
    rack (3.1.8)
    rackup (2.2.1)
      rack (>= 3)
    rdoc (6.8.1)
      psych (>= 4.0.0)
    reline (0.5.11)
      io-console (~> 0.5)
    stringio (3.1.2)
    tilt (2.4.0)

PLATFORMS
  arm64-darwin-23
  ruby

DEPENDENCIES
  debug (~> 1.9)
  erb (~> 4.0)
  lennarb (~> 1.3)
  puma (~> 6.5)
  rackup (~> 2.2)
  tilt (~> 2.4)

BUNDLED WITH
   2.5.23
